GEM
  remote: http://rubygems.org/
  specs:
    gnuplot (2.4.1)
    gsl (1.14.7)
      narray (>= 0.5.9)
    narray (0.6.0.1)

PLATFORMS
  ruby

DEPENDENCIES
  gnuplot
  gsl
